GEM
  remote: https://rubygems.org/
  specs:
    aasm (5.0.1)
      concurrent-ruby (~> 1.0)
    actionmailer (4.2.10)
      actionpack (= 4.2.10)
      actionview (= 4.2.10)
      activejob (= 4.2.10)
      mail (~> 2.5, >= 2.5.4)
      rails-dom-testing (~> 1.0, >= 1.0.5)
    actionpack (4.2.10)
      actionview (= 4.2.10)
      activesupport (= 4.2.10)
      rack (~> 1.6)
      rack-test (~> 0.6.2)
      rails-dom-testing (~> 1.0, >= 1.0.5)
      rails-html-sanitizer (~> 1.0, >= 1.0.2)
    actionview (4.2.10)
      activesupport (= 4.2.10)
      builder (~> 3.1)
      erubis (~> 2.7.0)
      rails-dom-testing (~> 1.0, >= 1.0.5)
      rails-html-sanitizer (~> 1.0, >= 1.0.3)
    activejob (4.2.10)
      activesupport (= 4.2.10)
      globalid (>= 0.3.0)
    activemodel (4.2.10)
      activesupport (= 4.2.10)
      builder (~> 3.1)
    activerecord (4.2.10)
      activemodel (= 4.2.10)
      activesupport (= 4.2.10)
      arel (~> 6.0)
    activesupport (4.2.10)
      i18n (~> 0.7)
      minitest (~> 5.1)
      thread_safe (~> 0.3, >= 0.3.4)
      tzinfo (~> 1.1)
    acts-as-taggable-on (5.0.0)
      activerecord (>= 4.2.8)
    addressable (2.6.0)
      public_suffix (>= 2.0.2, < 4.0)
    arel (6.0.4)
    ast (2.4.0)
    backports (3.12.0)
    bcrypt (3.1.12)
    binding_of_caller (0.8.0)
      debug_inspector (>= 0.0.1)
    bootstrap-kaminari-views (0.0.5)
      kaminari (>= 0.13)
      rails (>= 3.1)
    bootstrap-toggle-rails (2.2.1.0)
    bootstrap-wysihtml5-rails (0.3.3.8)
      railties (>= 3.0)
    builder (3.2.3)
    byebug (10.0.2)
    capybara (3.13.2)
      addressable
      mini_mime (>= 0.1.3)
      nokogiri (~> 1.8)
      rack (>= 1.6.0)
      rack-test (>= 0.6.3)
      regexp_parser (~> 1.2)
      xpath (~> 3.2)
    capybara-screenshot (1.0.22)
      capybara (>= 1.0, < 4)
      launchy
    childprocess (0.9.0)
      ffi (~> 1.0, >= 1.0.11)
    cocoon (1.2.12)
    coderay (1.1.2)
    coffee-rails (4.1.1)
      coffee-script (>= 2.2.0)
      railties (>= 4.0.0, < 5.1.x)
    coffee-script (2.4.1)
      coffee-script-source
      execjs
    coffee-script-source (1.12.2)
    colorize (0.8.1)
    comma (3.2.4)
      activesupport (>= 3.0.0)
    concurrent-ruby (1.1.4)
    crack (0.4.3)
      safe_yaml (~> 1.0.0)
    crass (1.0.4)
    cucumber (3.1.2)
      builder (>= 2.1.2)
      cucumber-core (~> 3.2.0)
      cucumber-expressions (~> 6.0.1)
      cucumber-wire (~> 0.0.1)
      diff-lcs (~> 1.3)
      gherkin (~> 5.1.0)
      multi_json (>= 1.7.5, < 2.0)
      multi_test (>= 0.1.2)
    cucumber-core (3.2.1)
      backports (>= 3.8.0)
      cucumber-tag_expressions (~> 1.1.0)
      gherkin (~> 5.0)
    cucumber-expressions (6.0.1)
    cucumber-rails (1.6.0)
      capybara (>= 1.1.2, < 4)
      cucumber (>= 3.0.2, < 4)
      mime-types (>= 1.17, < 4)
      nokogiri (~> 1.8)
      railties (>= 4, < 6)
    cucumber-tag_expressions (1.1.1)
    cucumber-wire (0.0.1)
    data-confirm-modal (1.6.2)
      railties (>= 3.0)
    database_cleaner (1.7.0)
    debug_inspector (0.0.3)
    declarative (0.0.10)
    declarative-option (0.1.0)
    devise (4.2.1)
      bcrypt (~> 3.0)
      orm_adapter (~> 0.1)
      railties (>= 4.1.0, < 5.1)
      responders
      warden (~> 1.2.3)
    diff-lcs (1.3)
    diffy (3.3.0)
    docile (1.3.1)
    erubis (2.7.0)
    exception_notification (4.3.0)
      actionmailer (>= 4.0, < 6)
      activesupport (>= 4.0, < 6)
    execjs (2.7.0)
    factory_girl (4.2.0)
      activesupport (>= 3.0.0)
    factory_girl_rails (4.2.1)
      factory_girl (~> 4.2.0)
      railties (>= 3.0.0)
    faker (1.9.3)
      i18n (>= 0.7)
    faraday (0.15.4)
      multipart-post (>= 1.2, < 3)
    faraday_middleware (0.13.1)
      faraday (>= 0.7.4, < 1.0)
    ffi (1.10.0)
    figaro (1.1.1)
      thor (~> 0.14)
    foreman (0.82.0)
      thor (~> 0.19.1)
    fullcalendar-rails (3.9.0.0)
      jquery-rails (>= 4.0.5, < 5.0.0)
      jquery-ui-rails (>= 5.0.2)
      momentjs-rails (>= 2.9.0)
    gherkin (5.1.0)
    gli (2.18.0)
    globalid (0.4.2)
      activesupport (>= 4.2.0)
    google-api-client (0.20.1)
      addressable (~> 2.5, >= 2.5.1)
      googleauth (>= 0.5, < 0.7.0)
      httpclient (>= 2.8.1, < 3.0)
      mime-types (~> 3.0)
      representable (~> 3.0)
      retriable (>= 2.0, < 4.0)
    googleauth (0.6.7)
      faraday (~> 0.12)
      jwt (>= 1.4, < 3.0)
      memoist (~> 0.16)
      multi_json (~> 1.11)
      os (>= 0.9, < 2.0)
      signet (~> 0.7)
    groupdate (4.1.1)
      activesupport (>= 4.2)
    hashdiff (0.3.8)
    hashie (3.6.0)
    html_truncator (0.4.2)
      nokogiri (~> 1.5)
    httpclient (2.8.3)
    i18n (0.9.5)
      concurrent-ruby (~> 1.0)
    jaro_winkler (1.5.2)
    jbuilder (2.8.0)
      activesupport (>= 4.2.0)
      multi_json (>= 1.2)
    jira-ruby (1.6.0)
      activesupport
      multipart-post
      oauth (~> 0.5, >= 0.5.0)
    jquery-atwho-rails (1.5.4)
    jquery-rails (4.3.3)
      rails-dom-testing (>= 1, < 3)
      railties (>= 4.2.0)
      thor (>= 0.14, < 2.0)
    jquery-turbolinks (2.1.0)
      railties (>= 3.1.0)
      turbolinks
    jquery-ui-rails (6.0.1)
      railties (>= 3.2.16)
    json (1.8.6)
    jwt (1.5.6)
    kaminari (0.17.0)
      actionpack (>= 3.0.0)
      activesupport (>= 3.0.0)
    launchy (2.4.3)
      addressable (~> 2.3)
    loofah (2.2.3)
      crass (~> 1.0.2)
      nokogiri (>= 1.5.9)
    mail (2.7.1)
      mini_mime (>= 0.1.1)
    memoist (0.16.0)
    method_source (0.9.2)
    mime-types (3.2.2)
      mime-types-data (~> 3.2015)
    mime-types-data (3.2018.0812)
    mini_mime (1.0.1)
    mini_portile2 (2.4.0)
    minitest (5.11.3)
    momentjs-rails (2.20.1)
      railties (>= 3.1)
    multi_json (1.13.1)
    multi_test (0.1.2)
    multi_xml (0.6.0)
    multipart-post (2.0.0)
    nokogiri (1.10.1)
      mini_portile2 (~> 2.4.0)
    nokogumbo (2.0.1)
      nokogiri (~> 1.8, >= 1.8.4)
    nprogress-rails (0.2.0.2)
    oauth (0.5.4)
    oauth2 (1.4.1)
      faraday (>= 0.8, < 0.16.0)
      jwt (>= 1.0, < 3.0)
      multi_json (~> 1.3)
      multi_xml (~> 0.5)
      rack (>= 1.2, < 3)
    omniauth (1.9.0)
      hashie (>= 3.4.6, < 3.7.0)
      rack (>= 1.6.2, < 3)
    omniauth-google-oauth2 (0.6.0)
      jwt (>= 2.0)
      omniauth (>= 1.1.1)
      omniauth-oauth2 (>= 1.5)
    omniauth-oauth2 (1.6.0)
      oauth2 (~> 1.1)
      omniauth (~> 1.9)
    orm_adapter (0.5.0)
    os (1.0.0)
    paper_trail (4.2.0)
      activerecord (>= 3.0, < 6.0)
      activesupport (>= 3.0, < 6.0)
      request_store (~> 1.1)
    parallel (1.13.0)
    parser (2.6.0.0)
      ast (~> 2.4.0)
    pg (0.21.0)
    powerpack (0.1.2)
    pr_geohash (1.0.0)
    pry (0.12.2)
      coderay (~> 1.1.0)
      method_source (~> 0.9.0)
    pry-byebug (3.6.0)
      byebug (~> 10.0)
      pry (~> 0.10)
    public_suffix (2.0.4)
    puma (3.12.0)
    rack (1.6.8)
    rack-test (0.6.3)
      rack (>= 1.0)
    rails (4.2.10)
      actionmailer (= 4.2.10)
      actionpack (= 4.2.10)
      actionview (= 4.2.10)
      activejob (= 4.2.10)
      activemodel (= 4.2.10)
      activerecord (= 4.2.10)
      activesupport (= 4.2.10)
      bundler (>= 1.3.0, < 2.0)
      railties (= 4.2.10)
      sprockets-rails
    rails-deprecated_sanitizer (1.0.3)
      activesupport (>= 4.2.0.alpha)
    rails-dom-testing (1.0.9)
      activesupport (>= 4.2.0, < 5.0)
      nokogiri (~> 1.6)
      rails-deprecated_sanitizer (>= 1.0.1)
    rails-html-sanitizer (1.0.4)
      loofah (~> 2.2, >= 2.2.2)
    rails_12factor (0.0.3)
      rails_serve_static_assets
      rails_stdout_logging
    rails_serve_static_assets (0.0.5)
    rails_stdout_logging (0.0.5)
    railties (4.2.10)
      actionpack (= 4.2.10)
      activesupport (= 4.2.10)
      rake (>= 0.8.7)
      thor (>= 0.18.1, < 2.0)
    rake (10.0.0)
    ransack (1.8.10)
      actionpack (>= 3.0, < 5.2)
      activerecord (>= 3.0, < 5.2)
      activesupport (>= 3.0, < 5.2)
      i18n
    rb-fsevent (0.10.3)
    rb-inotify (0.10.0)
      ffi (~> 1.0)
    rdoc (4.3.0)
    regexp_parser (1.3.0)
    representable (3.0.4)
      declarative (< 0.1.0)
      declarative-option (< 0.2.0)
      uber (< 0.2.0)
    request_store (1.4.1)
      rack (>= 1.4)
    responders (2.4.1)
      actionpack (>= 4.2.0, < 6.0)
      railties (>= 4.2.0, < 6.0)
    retriable (3.1.2)
    rsolr (2.2.1)
      builder (>= 2.1.2)
      faraday (>= 0.9.0)
    rspec-core (3.5.4)
      rspec-support (~> 3.5.0)
    rspec-expectations (3.5.0)
      diff-lcs (>= 1.2.0, < 2.0)
      rspec-support (~> 3.5.0)
    rspec-mocks (3.5.0)
      diff-lcs (>= 1.2.0, < 2.0)
      rspec-support (~> 3.5.0)
    rspec-rails (3.5.2)
      actionpack (>= 3.0)
      activesupport (>= 3.0)
      railties (>= 3.0)
      rspec-core (~> 3.5.0)
      rspec-expectations (~> 3.5.0)
      rspec-mocks (~> 3.5.0)
      rspec-support (~> 3.5.0)
    rspec-support (3.5.0)
    rubocop (0.63.1)
      jaro_winkler (~> 1.5.1)
      parallel (~> 1.10)
      parser (>= 2.5, != 2.5.1.1)
      powerpack (~> 0.1)
      rainbow (>= 2.2.2, < 4.0)
      ruby-progressbar (~> 1.7)
      unicode-display_width (~> 1.4.0)
    ruby-ole (1.2.12.1)
    ruby-progressbar (1.10.0)
    rubyzip (1.2.2)
    safe_yaml (1.0.4)
    sanitize (5.0.0)
      crass (~> 1.0.2)
      nokogiri (>= 1.8.0)
      nokogumbo (~> 2.0)
    sass (3.7.3)
      sass-listen (~> 4.0.0)
    sass-listen (4.0.0)
      rb-fsevent (~> 0.9, >= 0.9.4)
      rb-inotify (~> 0.9, >= 0.9.7)
    sass-rails (5.0.7)
      railties (>= 4.0.0, < 6)
      sass (~> 3.1)
      sprockets (>= 2.8, < 4.0)
      sprockets-rails (>= 2.0, < 4.0)
      tilt (>= 1.1, < 3)
    sdoc (0.4.2)
      json (~> 1.7, >= 1.7.7)
      rdoc (~> 4.0)
    selenium-webdriver (2.53.4)
      childprocess (~> 0.5)
      rubyzip (~> 1.0)
      websocket (~> 1.0)
    shoulda-matchers (3.1.3)
      activesupport (>= 4.0.0)
    signet (0.11.0)
      addressable (~> 2.3)
      faraday (~> 0.9)
      jwt (>= 1.5, < 3.0)
      multi_json (~> 1.10)
    simple_calendar (1.1.10)
      rails (>= 3.0)
    simplecov (0.16.1)
      docile (~> 1.1)
      json (>= 1.8, < 3)
      simplecov-html (~> 0.10.0)
    simplecov-html (0.10.2)
    simplecov-rcov (0.2.3)
      simplecov (>= 0.4.1)
    slack-notifier (2.3.2)
    slack-ruby-client (0.13.1)
      activesupport
      faraday (>= 0.9)
      faraday_middleware
      gli
      hashie
      websocket-driver
    spreadsheet (1.2.0)
      ruby-ole (>= 1.0)
    spring (2.0.2)
      activesupport (>= 4.2)
    sprockets (3.7.2)
      concurrent-ruby (~> 1.0)
      rack (> 1, < 3)
    sprockets-rails (3.2.1)
      actionpack (>= 4.0)
      activesupport (>= 4.0)
      sprockets (>= 3.0.0)
    sucker_punch (2.1.1)
      concurrent-ruby (~> 1.0)
    sunspot (2.3.0)
      pr_geohash (~> 1.0)
      rsolr (>= 1.1.1, < 3)
    sunspot_rails (2.3.0)
      rails (>= 3)
      sunspot (= 2.3.0)
    sunspot_solr (2.3.0)
    sunspot_test (0.4.1)
      sunspot_rails (>= 2.1.1)
      sunspot_solr
    thor (0.19.1)
    thread_safe (0.3.6)
    tilt (2.0.9)
    timecop (0.9.1)
    tinymce-rails (4.3.8)
      railties (>= 3.1.1)
    to_xls-rails (1.3.1)
      spreadsheet (>= 0.8.5)
    turbolinks (2.5.4)
      coffee-rails
    tzinfo (1.2.5)
      thread_safe (~> 0.1)
    uber (0.1.0)
    uglifier (4.1.20)
      execjs (>= 0.3.0, < 3)
    unread (0.8.2)
      activerecord (>= 3)
    warden (1.2.7)
      rack (>= 1.0)
    web-console (2.3.0)
      activemodel (>= 4.0)
      binding_of_caller (>= 0.7.2)
      railties (>= 4.0)
      sprockets-rails (>= 2.0, < 4.0)
    webmock (3.5.1)
      addressable (>= 2.3.6)
      crack (>= 0.3.2)
      hashdiff
    websocket (1.2.8)
    websocket-driver (0.7.0)
      websocket-extensions (>= 0.1.0)
    websocket-extensions (0.1.3)
    xpath (3.2.0)
      nokogiri (~> 1.8)

PLATFORMS
  ruby

DEPENDENCIES
  aasm
  acts-as-taggable-on
  bootstrap-kaminari-views
  bootstrap-toggle-rails
  bootstrap-wysihtml5-rails
  byebug
  capybara
  capybara-screenshot
  cocoon
  coffee-rails (~> 4.1.0)
  colorize
  comma (~> 3.2.1)
  cucumber-rails
  data-confirm-modal
  database_cleaner
  devise (~> 4.2.0)
  diffy
  exception_notification
  factory_girl_rails (~> 4.2.1)
  faker
  figaro
  foreman (= 0.82)
  fullcalendar-rails
  google-api-client (~> 0.20.0)
  groupdate
  html_truncator (~> 0.2)
  httpclient
  jbuilder (~> 2.0)
  jira-ruby
  jquery-atwho-rails
  jquery-rails
  jquery-turbolinks
  jquery-ui-rails
  kaminari
  launchy
  momentjs-rails
  nokogiri
  nprogress-rails
  omniauth
  omniauth-google-oauth2
  paper_trail (~> 4.1)
  pg (~> 0.19)
  pry-byebug
  puma
  rails (= 4.2.10)
  rails_12factor
  rake (= 10.0.0)
  ransack
  rspec-rails (~> 3.5.2)
  rubocop (~> 0.63.1)
  sanitize
  sass-rails (~> 5.0)
  sdoc (~> 0.4.0)
  selenium-webdriver (~> 2.53.1)
  shoulda-matchers (~> 3.1)
  simple_calendar (~> 1.1.0)
  simplecov
  simplecov-rcov
  slack-notifier
  slack-ruby-client
  spring
  sucker_punch (~> 2.0)
  sunspot_rails
  sunspot_solr
  sunspot_test
  thor (= 0.19.1)
  tinymce-rails (= 4.3.8)
  to_xls-rails
  turbolinks (~> 2.5.3)
  uglifier (>= 1.3.0)
  unread
  web-console (~> 2.0)
  webmock

RUBY VERSION
   ruby 2.4.5p335

BUNDLED WITH
   1.17.3
